GEM
  remote: https://rubygems.org/
  specs:
    redcarpet (3.3.4)

PLATFORMS
  ruby

DEPENDENCIES
  redcarpet

BUNDLED WITH
   1.13.2
